GEM
  remote: https://rubygems.org/
  specs:
    aws-partitions (1.24.0)
    aws-sdk-core (3.6.0)
      aws-partitions (~> 1.0)
      aws-sigv4 (~> 1.0)
      jmespath (~> 1.0)
    aws-sdk-kms (1.2.0)
      aws-sdk-core (~> 3)
      aws-sigv4 (~> 1.0)
    aws-sdk-s3 (1.5.0)
      aws-sdk-core (~> 3)
      aws-sdk-kms (~> 1)
      aws-sigv4 (~> 1.0)
    aws-sigv4 (1.0.2)
    jmespath (1.3.1)
    kramdown (1.17.0)
    liquid (4.0.0)

PLATFORMS
  ruby

DEPENDENCIES
  aws-sdk-s3
  kramdown
  liquid

BUNDLED WITH
   1.16.5
